PATH
  remote: .
  specs:
    deep_end (0.0.1)
      log4r

GEM
  remote: https://rubygems.org/
  specs:
    diff-lcs (1.2.4)
    log4r (1.1.10)
    rake (10.1.0)
    rspec (2.13.0)
      rspec-core (~> 2.13.0)
      rspec-expectations (~> 2.13.0)
      rspec-mocks (~> 2.13.0)
    rspec-core (2.13.1)
    rspec-expectations (2.13.0)
      diff-lcs (>= 1.1.3, < 2.0)
    rspec-mocks (2.13.1)

PLATFORMS
  ruby

DEPENDENCIES
  deep_end!
  rake
  rspec
